GEM
  remote: http://rubygems.org/
  specs:
    amqp (0.6.7)
      eventmachine (>= 0.12.4)
    eventmachine (0.12.10)

PLATFORMS
  ruby

DEPENDENCIES
  amqp
  eventmachine
